PATH
  remote: .
  specs:
    botz (0.0.1)
      eventmachine (= 1.0.0.beta.3)

GEM
  remote: http://rubygems.org/
  specs:
    eventmachine (1.0.0.beta.3)
    rake (0.8.7)

PLATFORMS
  ruby

DEPENDENCIES
  botz!
  rake
